PATH
  remote: .
  specs:
    fidius-cvedb (0.0.9)
      nokogiri

GEM
  remote: http://rubygems.org/
  specs:
    nokogiri (1.5.9)
    rake (0.9.6)

PLATFORMS
  ruby

DEPENDENCIES
  fidius-cvedb!
  nokogiri
  rake
